GEM
  remote: https://rubygems.org/
  specs:
    mina (0.2.1)
      open4
      rake
    open4 (1.3.0)
    rake (10.0.4)

PLATFORMS
  ruby

DEPENDENCIES
  mina
