GEM
  remote: https://rubygems.org/
  specs:
    mina (0.3.0)
      open4
      rake
    open4 (1.3.3)
    rake (10.2.2)

PLATFORMS
  ruby

DEPENDENCIES
  mina
