GEM
  remote: https://rubygems.org/
  specs:
    mina (0.3.1)
      open4 (~> 1.3.4)
      rake
    open4 (1.3.4)
    rake (10.4.0)

PLATFORMS
  ruby

DEPENDENCIES
  mina
